GEM
  remote: https://rubygems.org/
  specs:
    capistrano (3.4.1)
      i18n
      rake (>= 10.0.0)
      sshkit (~> 1.3)
    capistrano-composer (0.0.6)
      capistrano (>= 3.0.0.pre)
    capistrano-wpcli (0.1.2)
      capistrano (~> 3.4.0)
      sshkit (~> 1.7.0)
    colorize (0.8.1)
    concurrent-ruby (1.1.5)
    i18n (1.6.0)
      concurrent-ruby (~> 1.0)
    net-scp (2.0.0)
      net-ssh (>= 2.6.5, < 6.0.0)
    net-ssh (5.2.0)
    rake (12.3.2)
    sshkit (1.7.1)
      colorize (>= 0.7.0)
      net-scp (>= 1.1.2)
      net-ssh (>= 2.8.0)

PLATFORMS
  ruby

DEPENDENCIES
  capistrano (~> 3.4.0)
  capistrano-composer
  capistrano-wpcli

BUNDLED WITH
   2.0.1
